PATH
  remote: .
  specs:
    fluent-jfrog-test-plugin (0.1.0)
      fluentd (>= 0.14.10, < 2)

GEM
  remote: https://rubygems.org/
  specs:
    concurrent-ruby (1.1.7)
    cool.io (1.6.0)
    domain_name (0.5.20190701)
      unf (>= 0.0.5, < 1.0.0)
    fluentd (1.11.2)
      cool.io (>= 1.4.5, < 2.0.0)
      http_parser.rb (>= 0.5.1, < 0.7.0)
      msgpack (>= 1.3.1, < 2.0.0)
      serverengine (>= 2.0.4, < 3.0.0)
      sigdump (~> 0.2.2)
      strptime (>= 0.2.2, < 1.0.0)
      tzinfo (>= 1.0, < 3.0)
      tzinfo-data (~> 1.0)
      yajl-ruby (~> 1.0)
    http-accept (1.7.0)
    http-cookie (1.0.3)
      domain_name (~> 0.5)
    http_parser.rb (0.6.0)
    mime-types (3.3.1)
      mime-types-data (~> 3.2015)
    mime-types-data (3.2020.0512)
    msgpack (1.3.3)
    netrc (0.11.0)
    power_assert (1.2.0)
    rake (12.3.3)
    rest-client (2.1.0)
      http-accept (>= 1.7.0, < 2.0)
      http-cookie (>= 1.0.2, < 2.0)
      mime-types (>= 1.16, < 4.0)
      netrc (~> 0.8)
    serverengine (2.2.1)
      sigdump (~> 0.2.2)
    sigdump (0.2.4)
    strptime (0.2.4)
    test-unit (3.3.6)
      power_assert
    tzinfo (2.0.2)
      concurrent-ruby (~> 1.0)
    tzinfo-data (1.2020.1)
      tzinfo (>= 1.0.0)
    unf (0.1.4)
      unf_ext
    unf_ext (0.0.7.7)
    yajl-ruby (1.4.3)

PLATFORMS
  ruby

DEPENDENCIES
  bundler (~> 2.0)
  fluent-jfrog-test-plugin!
  rake (~> 12.0)
  rest-client (~> 2.0)
  test-unit (~> 3.0)

BUNDLED WITH
   2.1.4
