PATH
  remote: .
  specs:
    fluent-plugin-jfrog-siem (2.0.8)
      concurrent-ruby-edge
      fluentd (>= 0.14.10, < 2)
      rest-client (~> 2.0)

GEM
  remote: https://rubygems.org/
  specs:
    base64 (0.2.0)
    concurrent-ruby (1.1.8)
    concurrent-ruby-edge (0.6.0)
      concurrent-ruby (~> 1.1.6)
    cool.io (1.9.0)
    csv (3.3.0)
    diff-lcs (1.4.4)
    domain_name (0.5.20190701)
      unf (>= 0.0.5, < 1.0.0)
    drb (2.2.1)
    fluentd (1.17.1)
      base64 (~> 0.2)
      bundler
      cool.io (>= 1.4.5, < 2.0.0)
      csv (~> 3.2)
      drb (~> 2.2)
      http_parser.rb (>= 0.5.1, < 0.9.0)
      logger (~> 1.6)
      msgpack (>= 1.3.1, < 2.0.0)
      serverengine (>= 2.3.2, < 3.0.0)
      sigdump (~> 0.2.5)
      strptime (>= 0.2.4, < 1.0.0)
      tzinfo (>= 1.0, < 3.0)
      tzinfo-data (~> 1.0)
      webrick (~> 1.4)
      yajl-ruby (~> 1.0)
    http-accept (1.7.0)
    http-cookie (1.0.3)
      domain_name (~> 0.5)
    http_parser.rb (0.8.0)
    logger (1.6.1)
    mime-types (3.3.1)
      mime-types-data (~> 3.2015)
    mime-types-data (3.2021.0225)
    msgpack (1.7.3)
    netrc (0.11.0)
    power_assert (2.0.0)
    rake (12.3.3)
    rest-client (2.1.0)
      http-accept (>= 1.7.0, < 2.0)
      http-cookie (>= 1.0.2, < 2.0)
      mime-types (>= 1.16, < 4.0)
      netrc (~> 0.8)
    rspec (3.10.0)
      rspec-core (~> 3.10.0)
      rspec-expectations (~> 3.10.0)
      rspec-mocks (~> 3.10.0)
    rspec-core (3.10.1)
      rspec-support (~> 3.10.0)
    rspec-expectations (3.10.1)
      diff-lcs (>= 1.2.0, < 2.0)
      rspec-support (~> 3.10.0)
    rspec-mocks (3.10.2)
      diff-lcs (>= 1.2.0, < 2.0)
      rspec-support (~> 3.10.0)
    rspec-support (3.10.2)
    serverengine (2.4.0)
      base64 (~> 0.1)
      logger (~> 1.4)
      sigdump (~> 0.2.2)
    sigdump (0.2.5)
    strptime (0.2.5)
    test-unit (3.4.2)
      power_assert
    tzinfo (2.0.6)
      concurrent-ruby (~> 1.0)
    tzinfo-data (1.2024.2)
      tzinfo (>= 1.0.0)
    unf (0.1.4)
      unf_ext
    unf_ext (0.0.7.7)
    webrick (1.9.0)
    yajl-ruby (1.4.3)

PLATFORMS
  arm64-darwin-23
  x86_64-darwin-20

DEPENDENCIES
  bundler (~> 2.0)
  concurrent-ruby-edge
  fluent-plugin-jfrog-siem!
  rake (~> 12.0)
  rest-client (~> 2.0)
  rspec (~> 3.10.0)
  test-unit (~> 3.0)

BUNDLED WITH
   2.2.3
